GEM
  remote: http://rubygems.org/
  specs:
    diff-lcs (1.1.2)
    git (1.2.5)
    highline (1.6.1)
    jeweler (1.5.2)
      bundler (~> 1.0.0)
      git (>= 1.2.5)
      rake
    json (1.4.6)
    notify (0.3.0)
    oauth (0.4.4)
    oauth-cli-twitter (0.0.2)
      oauth
      pit
      termtter
    pit (0.0.6)
    rake (0.8.7)
    rcov (0.9.9)
    rspec (2.3.0)
      rspec-core (~> 2.3.0)
      rspec-expectations (~> 2.3.0)
      rspec-mocks (~> 2.3.0)
    rspec-core (2.3.1)
    rspec-expectations (2.3.0)
      diff-lcs (~> 1.1.2)
    rspec-mocks (2.3.0)
    rubytter (1.4.1)
      json (>= 1.1.3)
      oauth (>= 0.3.6)
    termcolor (1.2.1)
      highline (>= 1.5.0)
    termtter (1.9.0)
      highline (>= 1.5.0)
      json (>= 1.1.3)
      notify (>= 0.2.1)
      rubytter (>= 1.4.0)
      termcolor (>= 1.0.0)

PLATFORMS
  ruby

DEPENDENCIES
  bundler (~> 1.0.0)
  jeweler (~> 1.5.2)
  oauth-cli-twitter
  rcov
  rspec (~> 2.3.0)
